GEM
  remote: https://rubygems.org/
  specs:
    activemodel (5.1.2)
      activesupport (= 5.1.2)
    activerecord (5.1.2)
      activemodel (= 5.1.2)
      activesupport (= 5.1.2)
      arel (~> 8.0)
    activesupport (5.1.2)
      concurrent-ruby (~> 1.0, >= 1.0.2)
      i18n (~> 0.7)
      minitest (~> 5.1)
      tzinfo (~> 1.1)
    addressable (2.4.0)
    arel (8.0.0)
    bcrypt (3.1.11)
    bcrypt (3.1.11-x64-mingw32)
    bcrypt-ruby (3.1.5)
      bcrypt (>= 3.1.3)
    bcrypt-ruby (3.1.5-x64-mingw32)
      bcrypt (>= 3.1.3)
    bond (0.5.1)
    concurrent-ruby (1.0.5)
    data_mapper (1.2.0)
      dm-aggregates (~> 1.2.0)
      dm-constraints (~> 1.2.0)
      dm-core (~> 1.2.0)
      dm-migrations (~> 1.2.0)
      dm-serializer (~> 1.2.0)
      dm-timestamps (~> 1.2.0)
      dm-transactions (~> 1.2.0)
      dm-types (~> 1.2.0)
      dm-validations (~> 1.2.0)
    data_objects (0.10.17)
      addressable (~> 2.1)
    dm-aggregates (1.2.0)
      dm-core (~> 1.2.0)
    dm-constraints (1.2.0)
      dm-core (~> 1.2.0)
    dm-core (1.2.1)
      addressable (~> 2.3)
    dm-do-adapter (1.2.0)
      data_objects (~> 0.10.6)
      dm-core (~> 1.2.0)
    dm-migrations (1.2.0)
      dm-core (~> 1.2.0)
    dm-postgres-adapter (1.2.0)
      dm-do-adapter (~> 1.2.0)
      do_postgres (~> 0.10.6)
    dm-serializer (1.2.2)
      dm-core (~> 1.2.0)
      fastercsv (~> 1.5)
      json (~> 1.6)
      json_pure (~> 1.6)
      multi_json (~> 1.0)
    dm-timestamps (1.2.0)
      dm-core (~> 1.2.0)
    dm-transactions (1.2.0)
      dm-core (~> 1.2.0)
    dm-types (1.2.2)
      bcrypt-ruby (~> 3.0)
      dm-core (~> 1.2.0)
      fastercsv (~> 1.5)
      json (~> 1.6)
      multi_json (~> 1.0)
      stringex (~> 1.4)
      uuidtools (~> 2.1)
    dm-validations (1.2.0)
      dm-core (~> 1.2.0)
    do_postgres (0.10.17)
      data_objects (= 0.10.17)
    fastercsv (1.5.5)
    i18n (0.8.4)
    json (1.8.3)
    json_pure (1.8.3)
    mini_portile2 (2.1.0)
    minitest (5.10.2)
    multi_json (1.12.1)
    net-ldap (0.15.0)
    nokogiri (1.6.8.1)
      mini_portile2 (~> 2.1.0)
    nokogiri (1.6.8.1-x64-mingw32)
      mini_portile2 (~> 2.1.0)
    pdf-core (0.7.0)
    pg (0.21.0)
    pg (0.21.0-x64-mingw32)
    prawn (2.2.2)
      pdf-core (~> 0.7.0)
      ttfunk (~> 1.5)
    prawn-table (0.2.2)
      prawn (>= 1.3.0, < 3.0.0)
    rack (1.6.4)
    rack-protection (1.5.3)
      rack
    rack-test (0.6.3)
      rack (>= 1.0)
    ripl (0.7.1)
      bond (~> 0.5.1)
    ripl-multi_line (0.3.1)
      ripl (>= 0.3.6)
    ripl-rack (0.2.1)
      rack (>= 1.0)
      rack-test (~> 0.6.2)
      ripl (>= 0.7.0)
    rubyzip (1.2.0)
    simple_xlsx_reader (1.0.2)
      nokogiri
      rubyzip
    sinatra (1.4.7)
      rack (~> 1.5)
      rack-protection (~> 1.4)
      tilt (>= 1.3, < 3)
    sinatra-activerecord (2.0.13)
      activerecord (>= 3.2)
      sinatra (>= 1.0)
    sinatra-flash (0.3.0)
      sinatra (>= 1.0.0)
    stringex (1.5.1)
    thread_safe (0.3.6)
    tilt (2.0.5)
    ttfunk (1.5.1)
    tux (0.3.0)
      ripl (>= 0.3.5)
      ripl-multi_line (>= 0.2.4)
      ripl-rack (>= 0.2.0)
      sinatra (>= 1.2.1)
    tzinfo (1.2.3)
      thread_safe (~> 0.1)
    uuidtools (2.1.5)

PLATFORMS
  ruby
  x64-mingw32

DEPENDENCIES
  activerecord
  data_mapper
  dm-postgres-adapter
  json
  net-ldap (~> 0.15.0)
  nokogiri
  pg
  prawn (~> 2.1)
  prawn-table
  simple_xlsx_reader
  sinatra
  sinatra-activerecord
  sinatra-flash (~> 0.3.0)
  tux

BUNDLED WITH
   1.15.1
